PATH
  remote: .
  specs:
    hoopla_force_connector (0.0.1)
      hoopla-savon

GEM
  remote: http://rubygems.org/
  specs:
    activesupport (3.0.3)
    builder (3.0.0)
    crack (0.1.8)
    hoopla-savon (0.7.9)
      builder (>= 2.1.2)
      crack (>= 0.1.4)
    i18n (0.5.0)
    mocha (0.9.10)
      rake
    rake (0.8.7)

PLATFORMS
  ruby

DEPENDENCIES
  activesupport
  hoopla-savon
  hoopla_force_connector!
  i18n
  mocha
